GEM
  remote: http://rubygems.org/
  specs:
    archive-tar-minitar (0.5.2)
    columnize (0.3.6)
    evil_pdf (0.0.3)
      pdfkit
      pdfkit-heroku
    linecache19 (0.5.12)
      ruby_core_source (>= 0.1.4)
    pdfkit (0.5.2)
    pdfkit-heroku (0.1.2)
      pdfkit
    ruby-debug-base19 (0.11.25)
      columnize (>= 0.3.1)
      linecache19 (>= 0.5.11)
      ruby_core_source (>= 0.1.4)
    ruby-debug19 (0.11.6)
      columnize (>= 0.3.1)
      linecache19 (>= 0.5.11)
      ruby-debug-base19 (>= 0.11.19)
    ruby_core_source (0.1.5)
      archive-tar-minitar (>= 0.5.2)

PLATFORMS
  ruby

DEPENDENCIES
  evil_pdf
  pdfkit-heroku
  ruby-debug19
